RESTRICTION: == net46
NUGET
  remote: https://www.nuget.org/api/v2
    FAKE (4.64.13)
    FSharp.Compiler.Service (2.0.0.6)
    FSharp.Core (4.3.4)
    FSharp.Formatting (2.14.4)
      FSharp.Compiler.Service (2.0.0.6)
      FSharpVSPowerTools.Core (>= 2.3 < 2.4)
    FSharpVSPowerTools.Core (2.3)
      FSharp.Compiler.Service (>= 2.0.0.3)
    NUnit (2.6.5)
    NUnit.Runners (2.6.5)
    Octokit (0.29)
    SourceLink.Fake (1.1)
GITHUB
  remote: fsharp/FAKE
    modules/Octokit/Octokit.fsx (d099facbe19ed1676e66c74fef295baa43a73c66)
      Octokit (>= 0.20)